GEM
  remote: https://www.rubygems.org/
  specs:
    browserstack-local (0.1.1)
    childprocess (0.5.9)
      ffi (~> 1.0, >= 1.0.11)
    ffi (1.9.10)
    power_assert (0.3.0)
    rake (11.1.2)
    rubyzip (1.2.0)
    selenium-webdriver (2.53.0)
      childprocess (~> 0.5)
      rubyzip (~> 1.0)
      websocket (~> 1.0)
    test-unit (3.1.8)
      power_assert
    websocket (1.2.3)

PLATFORMS
  ruby

DEPENDENCIES
  browserstack-local
  rake
  selenium-webdriver
  test-unit

BUNDLED WITH
   1.11.2
